NUGET
  remote: https://www.nuget.org/api/v2
    CSCore (1.2.1.2)
